GEM
  remote: https://rubygems.org/
  specs:
    bubble-wrap (1.3.0)
    motion-layout (0.0.1)
    motion_data_wrapper (0.0.7)
      bubble-wrap
    rake (10.1.1)
    sugarcube (1.3.11)
    teacup (2.1.13)

PLATFORMS
  ruby

DEPENDENCIES
  bubble-wrap (~> 1.3.0)
  motion-layout
  motion_data_wrapper
  rake
  sugarcube
  teacup
