GEM
  remote: https://rubygems.org/
  specs:
    bubble-wrap (1.3.0)
    motion-layout (0.0.1)
    rake (10.1.1)
    teacup (2.1.13)

PLATFORMS
  ruby

DEPENDENCIES
  bubble-wrap (~> 1.3.0)
  motion-layout
  rake
  teacup
